GEM
  remote: https://rubygems.org/
  specs:
    algorithms (1.0.0)
    byebug (11.1.3)
    clipboard (1.3.6)
    colorize (0.8.1)
    dotenv (2.8.1)
    faraday (2.7.1)
      faraday-net_http (>= 2.0, < 3.1)
      ruby2_keywords (>= 0.0.4)
    faraday-net_http (3.0.2)
    ruby2_keywords (0.0.5)

PLATFORMS
  ruby

DEPENDENCIES
  algorithms
  byebug
  clipboard
  colorize
  dotenv
  faraday

BUNDLED WITH
   2.2.32
