GIT
  remote: https://github.com/chriswailes/RLTK
  revision: e5fb690ce5a6a774ef39b1cb52dbaf95d361fe64
  branch: master
  specs:
    rltk (3.0.2)
      ffi (>= 1.0.0)
      filigree (>= 0.2.0, < 0.4.0)

GEM
  remote: https://rubygems.org/
  specs:
    algorithms (1.0.0)
    byebug (11.1.3)
    clipboard (1.3.6)
    coderay (1.1.3)
    colorize (0.8.1)
    dotenv (2.8.1)
    faraday (2.7.1)
      faraday-net_http (>= 2.0, < 3.1)
      ruby2_keywords (>= 0.0.4)
    faraday-net_http (3.0.2)
    ffi (1.15.5)
    filigree (0.3.3)
    matrix (0.4.2)
    method_source (1.0.0)
    pry (0.14.1)
      coderay (~> 1.1)
      method_source (~> 1.0)
    pry-byebug (3.10.1)
      byebug (~> 11.0)
      pry (>= 0.13, < 0.15)
    ruby2_keywords (0.0.5)
    z3 (0.0.20221020)
      ffi (~> 1.9)

PLATFORMS
  ruby

DEPENDENCIES
  algorithms
  clipboard
  colorize
  dotenv
  faraday
  matrix
  pry-byebug
  rltk!
  z3 (= 0.0.20221020)

BUNDLED WITH
   2.3.26
